GEM
  remote: http://rubygems.org/
  specs:
    mime-types (1.18)
    nokogiri (1.5.2)
    rake (0.9.2)
    rest-client (1.6.7)
      mime-types (>= 1.16)

PLATFORMS
  ruby

DEPENDENCIES
  nokogiri (~> 1.5.0)
  rake (= 0.9.2)
  rest-client (~> 1.6.7)
